GEM
  remote: https://rubygems.org/
  specs:
    cairo (1.15.9)
      native-package-installer (>= 1.0.3)
      pkg-config (>= 1.2.2)
    cairo-gobject (3.1.8)
      cairo
      glib2 (= 3.1.8)
    gdk_pixbuf2 (3.1.8)
      gio2 (= 3.1.8)
    gio2 (3.1.8)
      glib2 (= 3.1.8)
      gobject-introspection (= 3.1.8)
    glib2 (3.1.8)
      native-package-installer (>= 1.0.3)
      pkg-config (>= 1.2.2)
    gobject-introspection (3.1.8)
      glib2 (= 3.1.8)
    native-package-installer (1.0.4)
    pkg-config (1.2.7)
    rake (12.0.0)
    rsvg2 (3.1.8)
      cairo (>= 1.12.8)
      cairo-gobject (= 3.1.8)
      gdk_pixbuf2 (= 3.1.8)

PLATFORMS
  ruby

DEPENDENCIES
  cairo
  rake
  rsvg2

BUNDLED WITH
   1.15.3
